PATH
  remote: .
  specs:
    fedex (0.1.0)
      httparty (~> 0.13.7)
      nokogiri (~> 1.6, >= 1.6.8)

GEM
  remote: https://rubygems.org/
  specs:
    httparty (0.13.7)
      json (~> 1.8)
      multi_xml (>= 0.5.2)
    json (1.8.6)
    mini_portile2 (2.8.0)
    minitest (5.16.2)
    multi_xml (0.6.0)
    nokogiri (1.13.6)
      mini_portile2 (~> 2.8.0)
      racc (~> 1.4)
    racc (1.6.0)
    rake (10.5.0)

PLATFORMS
  ruby

DEPENDENCIES
  bundler (~> 1.17)
  fedex!
  minitest (~> 5.0)
  rake (~> 10.0)

BUNDLED WITH
   1.17.2
